GEM
  remote: https://rubygems.org/
  specs:
    eventmachine (1.0.3)
    faraday (0.8.8)
      multipart-post (~> 1.2.0)
    faraday_middleware (0.9.0)
      faraday (>= 0.7.4, < 0.9)
    hashie (2.0.5)
    http_parser.rb (0.5.3)
    json (1.8.1)
    mime-types (1.25)
    multi_json (1.8.2)
    multipart-post (1.2.0)
    rake (10.1.0)
    rest-client (1.6.7)
      mime-types (>= 1.16)
    simple_oauth (0.1.9)
    terminal-notifier (1.5.1)
    testflight_upload (0.0.2)
      json
      rest-client (~> 1.6.1)
      terminal-notifier
    tinder (1.9.3)
      eventmachine (~> 1.0)
      faraday (~> 0.8)
      faraday_middleware (~> 0.9)
      hashie (>= 1.0, < 3)
      json (~> 1.8.0)
      mime-types (~> 1.19)
      multi_json (~> 1.7)
      twitter-stream (~> 0.1)
    twitter-stream (0.1.16)
      eventmachine (>= 0.12.8)
      http_parser.rb (~> 0.5.1)
      simple_oauth (~> 0.1.4)

PLATFORMS
  ruby

DEPENDENCIES
  rake
  testflight_upload
  tinder
